PATH
  remote: .
  specs:
    pegex (0.0.2)

GEM
  remote: https://rubygems.org/
  specs:
    testml-lite (0.0.1)

PLATFORMS
  ruby

DEPENDENCIES
  pegex!
  testml-lite (>= 0.0.1)
